GEM
  remote: http://rubygems.org/
  specs:
    RedCloth (4.2.7)
    actionmailer (2.3.9)
      actionpack (= 2.3.9)
    actionpack (2.3.9)
      activesupport (= 2.3.9)
      rack (~> 1.1.0)
    activerecord (2.3.9)
      activesupport (= 2.3.9)
    activeresource (2.3.9)
      activesupport (= 2.3.9)
    activesupport (2.3.9)
    acts_as_markup (1.3.4)
      RedCloth (~> 4.2)
      activerecord (>= 2.3.2)
      activesupport (>= 2.3.2)
      rdiscount (~> 1.3)
      wikitext (~> 2.0)
    aws-s3 (0.6.2)
      builder
      mime-types
      xml-simple
    builder (2.1.2)
    friendly_id (2.1.3)
      activerecord (>= 2.0.0)
      activesupport (>= 2.0.0)
    gravtastic (3.0.0)
    hpricot (0.8.4)
    mime-types (1.16)
    mocha (0.9.12)
    mysql (2.8.1)
    paperclip (2.3.1.1)
    rack (1.1.2)
    rails (2.3.9)
      actionmailer (= 2.3.9)
      actionpack (= 2.3.9)
      activerecord (= 2.3.9)
      activeresource (= 2.3.9)
      activesupport (= 2.3.9)
      rake (>= 0.8.3)
    rake (0.8.7)
    rdiscount (1.6.8)
    shoulda (2.11.3)
    syntax (1.0.0)
    wikitext (2.1.1)
    will_paginate (2.3.14)
    xml-simple (1.0.14)

PLATFORMS
  ruby

DEPENDENCIES
  acts_as_markup (= 1.3.4)
  aws-s3 (= 0.6.2)
  friendly_id (= 2.1.3)
  gravtastic (= 3.0.0)
  hpricot
  mocha
  mysql
  paperclip (= 2.3.1.1)
  rails (= 2.3.9)
  shoulda
  syntax
  will_paginate (= 2.3.14)
